GEM
  remote: https://rubygems.org/
  specs:
    codeclimate-test-reporter (0.4.7)
      simplecov (>= 0.7.1, < 1.0.0)
    codeclimate_batch (0.1.2)
      json
    daemons (1.2.2)
    dalli (2.7.4)
    docile (1.1.5)
    eventmachine (1.2.0.1)
    json (1.8.2)
    multi_json (1.11.0)
    rack (1.6.0)
    rack-protection (1.5.3)
      rack
    rake (10.4.2)
    rollbar (1.4.4)
      multi_json (~> 1.3)
    simplecov (0.9.2)
      docile (~> 1.1.0)
      multi_json (~> 1.0)
      simplecov-html (~> 0.9.0)
    simplecov-html (0.9.0)
    sinatra (1.4.5)
      rack (~> 1.4)
      rack-protection (~> 1.4)
      tilt (~> 1.3, >= 1.3.4)
    thin (1.6.3)
      daemons (~> 1.0, >= 1.0.9)
      eventmachine (~> 1.0)
      rack (~> 1.0)
    tilt (1.4.1)

PLATFORMS
  ruby

DEPENDENCIES
  codeclimate-test-reporter
  codeclimate_batch
  dalli
  rake
  rollbar
  sinatra
  thin

RUBY VERSION
   ruby 2.2.5p319

BUNDLED WITH
   1.13.6
