GEM
  remote: https://rubygems.org/
  specs:
    codeclimate-test-reporter (1.0.8)
      simplecov (<= 0.13)
    codeclimate_batch (0.5.0)
      json
    daemons (1.2.6)
    dalli (2.7.8)
    docile (1.1.5)
    eventmachine (1.2.7)
    json (2.1.0)
    multi_json (1.13.1)
    rack (1.6.10)
    rack-protection (1.5.5)
      rack
    rake (12.3.1)
    rollbar (2.16.0)
      multi_json
    simplecov (0.13.0)
      docile (~> 1.1.0)
      json (>= 1.8, < 3)
      simplecov-html (~> 0.10.0)
    simplecov-html (0.10.2)
    sinatra (1.4.8)
      rack (~> 1.5)
      rack-protection (~> 1.4)
      tilt (>= 1.3, < 3)
    thin (1.7.2)
      daemons (~> 1.0, >= 1.0.9)
      eventmachine (~> 1.0, >= 1.0.4)
      rack (>= 1, < 3)
    tilt (2.0.8)

PLATFORMS
  ruby

DEPENDENCIES
  codeclimate-test-reporter
  codeclimate_batch
  dalli
  rake
  rollbar
  sinatra
  thin

BUNDLED WITH
   1.16.1
